PATH
  remote: .
  specs:
    xsd-populator (0.2.0)
      builder (~> 3.2)
      data-provider (~> 0.2)
      xsd-reader (~> 0.2)

GEM
  remote: https://rubygems.org/
  specs:
    builder (3.2.2)
    byebug (5.0.0)
      columnize (= 0.9.0)
    columnize (0.9.0)
    data-provider (0.2.0)
    diff-lcs (1.2.5)
    domain_name (0.5.25)
      unf (>= 0.0.5, < 1.0.0)
    http-cookie (1.0.2)
      domain_name (~> 0.5)
    mime-types (2.6.2)
    mini_portile (0.6.2)
    netrc (0.11.0)
    nokogiri (1.6.6.2)
      mini_portile (~> 0.6.0)
    rake (10.1.0)
    rest-client (1.8.0)
      http-cookie (>= 1.0.2, < 2.0)
      mime-types (>= 1.16, < 3.0)
      netrc (~> 0.7)
    rspec (3.3.0)
      rspec-core (~> 3.3.0)
      rspec-expectations (~> 3.3.0)
      rspec-mocks (~> 3.3.0)
    rspec-core (3.3.1)
      rspec-support (~> 3.3.0)
    rspec-expectations (3.3.0)
      diff-lcs (>= 1.2.0, < 2.0)
      rspec-support (~> 3.3.0)
    rspec-mocks (3.3.1)
      diff-lcs (>= 1.2.0, < 2.0)
      rspec-support (~> 3.3.0)
    rspec-support (3.3.0)
    unf (0.1.4)
      unf_ext
    unf_ext (0.0.7.1)
    xsd-reader (0.2.0)
      nokogiri (~> 1.6)
      rest-client (~> 1.8)

PLATFORMS
  ruby

DEPENDENCIES
  byebug
  nokogiri (~> 1.6)
  rake (~> 10.1)
  rspec (~> 3.3)
  xsd-populator!

BUNDLED WITH
   1.10.5
