PATH
  remote: .
  specs:
    xsd-populator (0.0.1)
      builder
      data-provider (>= 0.0.1)
      xsd-reader (>= 0.0.1)

PATH
  remote: /srv/data-provider
  specs:
    data-provider (0.0.1)

PATH
  remote: /srv/xsd-reader
  specs:
    xsd-reader (0.0.1)
      nokogiri

GEM
  remote: https://rubygems.org/
  specs:
    builder (3.2.2)
    byebug (5.0.0)
      columnize (= 0.9.0)
    columnize (0.9.0)
    diff-lcs (1.2.5)
    mini_portile (0.6.2)
    nokogiri (1.6.6.2)
      mini_portile (~> 0.6.0)
    rspec (3.3.0)
      rspec-core (~> 3.3.0)
      rspec-expectations (~> 3.3.0)
      rspec-mocks (~> 3.3.0)
    rspec-core (3.3.1)
      rspec-support (~> 3.3.0)
    rspec-expectations (3.3.0)
      diff-lcs (>= 1.2.0, < 2.0)
      rspec-support (~> 3.3.0)
    rspec-mocks (3.3.1)
      diff-lcs (>= 1.2.0, < 2.0)
      rspec-support (~> 3.3.0)
    rspec-support (3.3.0)

PLATFORMS
  ruby

DEPENDENCIES
  byebug
  data-provider!
  nokogiri
  rspec
  xsd-populator!
  xsd-reader!

BUNDLED WITH
   1.10.5
